GEM
  remote: http://production.s3.rubygems.org.s3.amazonaws.com/
  specs:
    SystemTimer (1.2.3)
    addressable (2.2.2)
    amazon-ec2 (0.9.17)
      xml-simple (>= 1.0.12)
    annoy (0.5.6)
      highline (>= 1.5.0)
    attic (0.5.3)
    aws-s3 (0.6.2)
      builder
      mime-types
      xml-simple
    benelux (0.6.1)
      attic (>= 0.5.3)
      storable (>= 0.8.6)
    builder (3.0.0)
    caesars (0.7.4)
    drydock (0.6.9)
    familia (0.7.1)
      gibbler (>= 0.8.6)
      multi_json (>= 0.0.5)
      redis (>= 2.1.0)
      storable (>= 0.8.6)
      uri-redis (>= 0.4.2)
    gibbler (0.8.9)
      attic (>= 0.4.0)
    highline (1.6.1)
    ipaddress (0.7.0)
    mime-types (1.16)
    multi_json (0.0.5)
    net-scp (1.0.4)
      net-ssh (>= 1.99.1)
    net-ssh (2.1.0)
    nokogiri (1.4.4)
    public_suffix_service (0.8.2)
    redis (2.2.0)
    rudy (0.9.8.020)
      amazon-ec2 (>= 0.9.10)
      annoy (>= 0.5.6)
      attic (>= 0.5.3)
      aws-s3 (>= 0.6.1)
      caesars (>= 0.7.4)
      drydock (>= 0.6.9)
      gibbler (>= 0.8.9)
      highline (>= 1.5.1)
      rye (>= 0.9.3)
      storable (>= 0.8.6)
      sysinfo (>= 0.7.3)
    rye (0.9.4)
      annoy
      highline (>= 1.5.1)
      net-scp (>= 1.0.2)
      net-ssh (>= 2.0.13)
      sysinfo (>= 0.7.3)
    storable (0.8.9)
    sysinfo (0.7.3)
      drydock
      storable
    uri-redis (0.4.2)
    whois (1.6.6)
    xml-simple (1.0.14)
    yajl-ruby (0.7.9)

PLATFORMS
  ruby

DEPENDENCIES
  SystemTimer
  addressable (= 2.2.2)
  benelux (= 0.6.1)
  drydock (= 0.6.9)
  familia (= 0.7.1)
  gibbler (= 0.8.9)
  ipaddress (= 0.7.0)
  multi_json
  nokogiri (= 1.4.4)
  public_suffix_service (= 0.8.2)
  redis (= 2.2.0)
  rudy (= 0.9.8.020)
  storable (>= 0.8.9)
  sysinfo
  whois (= 1.6.6)
  yajl-ruby
